GEM
  remote: http://rubygems.org/
  specs:
    proxies (0.2.1)
    rack (1.6.5)
    rack-protection (1.5.3)
      rack
    s3 (0.3.25)
      proxies (~> 0.2.0)
    sinatra (1.4.7)
      rack (~> 1.5)
      rack-protection (~> 1.4)
      tilt (>= 1.3, < 3)
    tilt (2.0.5)

PLATFORMS
  ruby

DEPENDENCIES
  s3
  sinatra

BUNDLED WITH
   1.13.6
